PATH
  remote: .
  specs:
    unirest (1.1.3)
      addressable (~> 2.7.0)
      json (~> 2.3.1)
      rest-client (~> 2.0.2)

GEM
  remote: https://rubygems.org/
  specs:
    activesupport (6.0.3.4)
      concurrent-ruby (~> 1.0, >= 1.0.2)
      i18n (>= 0.7, < 2)
      minitest (~> 5.1)
      tzinfo (~> 1.1)
      zeitwerk (~> 2.2, >= 2.2.2)
    addressable (2.7.0)
      public_suffix (>= 2.0.2, < 5.0)
    ast (2.4.1)
    byebug (11.1.1)
    concurrent-ruby (1.1.7)
    domain_name (0.5.20190701)
      unf (>= 0.0.5, < 1.0.0)
    http-cookie (1.0.3)
      domain_name (~> 0.5)
    i18n (1.8.5)
      concurrent-ruby (~> 1.0)
    json (2.3.1)
    mime-types (3.3.1)
      mime-types-data (~> 3.2015)
    mime-types-data (3.2020.1104)
    minitest (5.14.2)
    netrc (0.11.0)
    parallel (1.20.1)
    parser (2.7.2.0)
      ast (~> 2.4.1)
    power_assert (1.2.0)
    public_suffix (4.0.6)
    rainbow (3.0.0)
    rake (13.0.1)
    regexp_parser (2.0.0)
    rest-client (2.0.2)
      http-cookie (>= 1.0.2, < 2.0)
      mime-types (>= 1.16, < 4.0)
      netrc (~> 0.8)
    rexml (3.2.4)
    rubocop (1.4.2)
      parallel (~> 1.10)
      parser (>= 2.7.1.5)
      rainbow (>= 2.2.2, < 4.0)
      regexp_parser (>= 1.8)
      rexml
      rubocop-ast (>= 1.1.1)
      ruby-progressbar (~> 1.7)
      unicode-display_width (>= 1.4.0, < 2.0)
    rubocop-ast (1.2.0)
      parser (>= 2.7.1.5)
    rubocop-ordered_methods (0.6)
      rubocop (>= 0.60)
    rubocop-performance (1.9.1)
      rubocop (>= 0.90.0, < 2.0)
      rubocop-ast (>= 0.4.0)
    ruby-progressbar (1.10.1)
    shoulda (3.5.0)
      shoulda-context (~> 1.0, >= 1.0.1)
      shoulda-matchers (>= 1.4.1, < 3.0)
    shoulda-context (1.2.2)
    shoulda-matchers (2.8.0)
      activesupport (>= 3.0.0)
    test-unit (3.3.7)
      power_assert
    thread_safe (0.3.6)
    tzinfo (1.2.8)
      thread_safe (~> 0.1)
    unf (0.1.4)
      unf_ext
    unf_ext (0.0.7.7)
    unicode-display_width (1.7.0)
    zeitwerk (2.4.2)

PLATFORMS
  ruby

DEPENDENCIES
  byebug
  rake
  rubocop (= 1.4.2)
  rubocop-ordered_methods
  rubocop-performance
  shoulda (~> 3.5.0)
  test-unit
  unirest!

BUNDLED WITH
   2.1.4
